GEM
  remote: https://rubygems.org/
  specs:
    ast (2.4.2)
    daemons (1.4.1)
    eventmachine (1.2.7)
    mustermann (3.0.0)
      ruby2_keywords (~> 0.0.1)
    opal (1.0.5)
      ast (>= 2.3.0)
      parser (~> 2.6)
    opal-jquery (0.4.6)
      opal (>= 0.10.0, < 2.0)
    parser (2.7.2.0)
      ast (~> 2.4.1)
    rack (2.2.8)
    rack-protection (3.1.0)
      rack (~> 2.2, >= 2.2.4)
    ruby2_keywords (0.0.5)
    sinatra (3.1.0)
      mustermann (~> 3.0)
      rack (~> 2.2, >= 2.2.4)
      rack-protection (= 3.1.0)
      tilt (~> 2.0)
    thin (1.8.2)
      daemons (~> 1.0, >= 1.0.9)
      eventmachine (~> 1.0, >= 1.0.4)
      rack (>= 1, < 3)
    tilt (2.2.0)
    webrick (1.8.1)

PLATFORMS
  arm64-darwin-21
  x86_64-linux

DEPENDENCIES
  opal (~> 1.0.0)
  opal-jquery (~> 0.4.0)
  sinatra
  thin
  webrick

BUNDLED WITH
   2.3.8
